PATH
  remote: .
  specs:
    preprocessor (0.1)
      bio (~> 1.4, >= 1.4.3)
      rake
      trollop
      which (= 0.0.2)

GEM
  remote: https://rubygems.org/
  specs:
    ansi (1.4.3)
    bio (1.4.3.0001)
    coveralls (0.7.0)
      multi_json (~> 1.3)
      rest-client
      simplecov (>= 0.7)
      term-ansicolor
      thor
    docile (1.1.3)
    facade (1.0.5)
    mime-types (2.3)
    minitest (4.7.5)
    multi_json (1.10.1)
    pathname2 (1.7.3)
      facade
    rake (10.3.2)
    rest-client (1.6.7)
      mime-types (>= 1.16)
    shoulda-context (1.2.1)
    simplecov (0.8.2)
      docile (~> 1.1.0)
      multi_json
      simplecov-html (~> 0.8.0)
    simplecov-html (0.8.0)
    term-ansicolor (1.3.0)
      tins (~> 1.0)
    thor (0.19.1)
    tins (1.3.0)
    trollop (2.0)
    turn (0.9.7)
      ansi
      minitest (~> 4)
    which (0.0.2)
      pathname2 (>= 1.4.4)

PLATFORMS
  ruby

DEPENDENCIES
  coveralls (>= 0.6.7)
  preprocessor!
  shoulda-context
  simplecov
  turn
